GEM
  remote: http://rubygems.org/
  specs:
    ffi (1.0.11)
    hallon (0.9.0)
      spotify (~> 10.1.0)
    json (1.5.2)
    rack (1.3.5)
    rack-protection (1.1.4)
      rack
    sinatra (1.3.1)
      rack (>= 1.3.4, ~> 1.3)
      rack-protection (>= 1.1.2, ~> 1.1)
      tilt (>= 1.3.3, ~> 1.3)
    spotify (10.1.0)
      ffi (>= 1.0.11, ~> 1.0)
    tilt (1.3.3)

PLATFORMS
  ruby

DEPENDENCIES
  ffi
  hallon
  json
  sinatra
